GEM
  remote: https://rubygems.org/
  specs:
    base64 (0.2.0)
    cowsay (0.3.0)
    mustermann (3.0.3)
      ruby2_keywords (~> 0.0.1)
    nio4r (2.7.4)
    puma (6.6.0)
      nio4r (~> 2.0)
    rack (2.2.14)
    rack-protection (3.2.0)
      base64 (>= 0.1.0)
      rack (~> 2.2, >= 2.2.4)
    ruby2_keywords (0.0.5)
    sinatra (3.2.0)
      mustermann (~> 3.0)
      rack (~> 2.2, >= 2.2.4)
      rack-protection (= 3.2.0)
      tilt (~> 2.0)
    tilt (2.6.0)

PLATFORMS
  ruby

DEPENDENCIES
  base64 (~> 0.2.0)
  cowsay (~> 0.3.0)
  puma (~> 6.4)
  sinatra (~> 3.1)

RUBY VERSION
   ruby 3.3.7p123

BUNDLED WITH
   2.5.22
